GEM
  remote: http://rubygems.org/
  specs:
    builder (2.1.2)

PLATFORMS
  ruby

DEPENDENCIES
  builder (~> 2.1.0)
